NUGET
  remote: https://nuget.org/api/v2
  specs:
    Aether (6.0)
    Chiron (1.0.1)
      Aether (>= 6.0.0)
      FParsec (>= 1.0.1)
      FSharp.Core (>= 3.1.2.1)
    FAKE (3.26.6)
    FParsec (1.0.1)
    FSharp.Core (3.1.2.1)
    Hekate (0.4.0)
      Aether (>= 6.0.0)
      FSharp.Core (>= 3.1.2.1)
    Microsoft.Net.Http (2.0.20710.0)
    Microsoft.Owin (3.0.1)
      Owin (>= 1.0)
    Microsoft.Owin.Diagnostics (3.0.1)
      Microsoft.Owin (>= 3.0.1)
      Owin (>= 1.0)
    Microsoft.Owin.Host.HttpListener (3.0.1)
    Microsoft.Owin.Hosting (3.0.1)
      Microsoft.Owin (>= 3.0.1)
      Owin (>= 1.0)
    Microsoft.Owin.SelfHost (3.0.1)
      Microsoft.Owin (>= 3.0.1)
      Microsoft.Owin.Diagnostics (>= 3.0.1)
      Microsoft.Owin.Host.HttpListener (>= 3.0.1)
      Microsoft.Owin.Hosting (>= 3.0.1)
      Owin (>= 1.0)
    Microsoft.Owin.Testing (3.0.1)
      Microsoft.Owin.Hosting (>= 3.0.1)
      Owin (>= 1.0)
    NuGet.CommandLine (2.8.3)
    NUnit (2.6.4)
    NUnit.Runners (2.6.4)
    Owin (1.0)
    SourceLink.Fake (0.5.0)
    System.Net.Http (2.0.20710.0)
      Microsoft.Net.Http (>= 2.0.20710.0 < 2.1)
    Unquote (2.2.2)
