NUGET
  remote: http://nuget.org/api/v2
  specs:
    Aether (4.0.0)
    Fleece (0.4.0)
      FSharpPlus (>= 0.0.4)
      ReadOnlyCollectionInterfaces (1.0.0)
      ReadOnlyCollectionExtensions (>= 1.2.0)
      System.Json (>= 4.0.20126.16343)
    FParsec (1.0.1)
    FsControl (1.0.9)
    FSharpPlus (0.0.4)
      FsControl (>= 1.0.9)
    LinqBridge (1.3.0)
    Microsoft.Owin (3.0.0)
      Owin (>= 1.0)
    Microsoft.Owin.Diagnostics (3.0.0)
      Owin (>= 1.0)
      Microsoft.Owin (>= 3.0.0)
    Microsoft.Owin.Host.HttpListener (3.0.0)
    Microsoft.Owin.Hosting (3.0.0)
      Owin (>= 1.0)
      Microsoft.Owin (>= 3.0.0)
    Microsoft.Owin.SelfHost (3.0.0)
      Owin (>= 1.0)
      Microsoft.Owin (>= 3.0.0)
      Microsoft.Owin.Diagnostics (>= 3.0.0)
      Microsoft.Owin.Hosting (>= 3.0.0)
      Microsoft.Owin.Host.HttpListener (>= 3.0.0)
    NUnit (2.6.3)
    Owin (1.0)
    ReadOnlyCollectionExtensions (1.2.0)
      LinqBridge (>= 1.3.0)
      ReadOnlyCollectionInterfaces (1.0.0)
      ReadOnlyCollectionInterfaces (1.0.0)
      ReadOnlyCollectionInterfaces (1.0.0)
    ReadOnlyCollectionInterfaces (1.0.0)
    System.Json (4.0.20126.16343)
    FAKE (3.7.1)
    FSharp.Compiler.Service (0.0.62)
    FSharp.Formatting (2.4.25)
      FSharp.Compiler.Service (>= 0.0.59)
      Microsoft.AspNet.Razor (2.0.30506.0)
      RazorEngine (3.3.0)
    FSharpx.Core (1.8.41)
    Fuchu (0.4.0.0)
    Microsoft.AspNet.Razor (2.0.30506.0)
    Microsoft.Net.Http (2.0.20710.0)
    MSBuild.Extension.Pack (1.3.0)
    NuGet.CommandLine (2.8.2)
    NUnit.Runners (2.6.3)
    RazorEngine (3.3.0)
      Microsoft.AspNet.Razor (>= 2.0.30506.0)
    SourceLink.Fake (0.4.0)
    Unquote (2.2.2)
