NUGET
  remote: https://nuget.org/api/v2
  specs:
    Aether (5.1)
    FAKE (3.15.0)
    Fleece (0.4.0)
      FSharpPlus (>= 0.0.4)
      ReadOnlyCollectionExtensions (>= 1.2.0)
      ReadOnlyCollectionInterfaces (1.0.0)
      System.Json (>= 4.0.20126.16343)
    FParsec (1.0.1)
    FsControl (1.0.10)
    FSharp.Core (3.1.2.1)
    FSharpPlus (0.0.4)
      FsControl (>= 1.0.9)
    Hekate (0.2.0)
      Aether (>= 5.1.0)
      FSharp.Core (>= 3.1.2.1)
    LinqBridge (1.3.0) - >= net20 < net35
    Microsoft.Owin (3.0.0)
      Owin (>= 1.0)
    Microsoft.Owin.Diagnostics (3.0.0)
      Microsoft.Owin (>= 3.0.0)
      Owin (>= 1.0)
    Microsoft.Owin.Host.HttpListener (3.0.0)
    Microsoft.Owin.Hosting (3.0.0)
      Microsoft.Owin (>= 3.0.0)
      Owin (>= 1.0)
    Microsoft.Owin.SelfHost (3.0.0)
      Microsoft.Owin (>= 3.0.0)
      Microsoft.Owin.Diagnostics (>= 3.0.0)
      Microsoft.Owin.Host.HttpListener (>= 3.0.0)
      Microsoft.Owin.Hosting (>= 3.0.0)
      Owin (>= 1.0)
    NuGet.CommandLine (2.8.3)
    NUnit (2.6.4)
    NUnit.Runners (2.6.4)
    Owin (1.0)
    ReadOnlyCollectionExtensions (1.2.0)
      LinqBridge (>= 1.3.0) - >= net20 < net35
      ReadOnlyCollectionInterfaces (1.0.0) - net20, >= net35, >= net40
    ReadOnlyCollectionInterfaces (1.0.0)
    SourceLink.Fake (0.4.2)
    System.Json (4.0.20126.16343)
    Unquote (2.2.2)
