NUGET
  remote: http://nuget.org/api/v2
  specs:
    FAKE (3.5.11)
    FSharp.Compiler.Service (0.0.62)
    FSharp.Formatting (2.4.25)
      FSharp.Compiler.Service (>= 0.0.59)
      Microsoft.AspNet.Razor (2.0.30506.0)
      RazorEngine (3.3.0)
    FSharpx.Core (1.8.41)
    Fuchu (0.4.0.0)
    Microsoft.AspNet.Razor (2.0.30506.0)
    Microsoft.Net.Http (2.0.20710.0)
    MSBuild.Extension.Pack (1.3.0)
    NuGet.CommandLine (2.8.2)
    NUnit.Runners (2.6.3)
    RazorEngine (3.3.0)
      Microsoft.AspNet.Razor (>= 2.0.30506.0)
    SourceLink.Fake (0.4.0)
    Unquote (2.2.2)
