NUGET
  remote: https://nuget.org/api/v2
  specs:
    Aether (6.0)
    Arachne.Core (2.2.13)
      FParsec (>= 1.0.1)
      FSharp.Core (>= 3.1.2.1)
    Arachne.Http (2.2.13)
      Arachne.Core (>= 2.2.13)
      Arachne.Language (>= 2.2.13)
      Arachne.Uri (>= 2.2.13)
      FParsec (>= 1.0.1)
      FSharp.Core (>= 3.1.2.1)
    Arachne.Http.Cors (2.2.13)
      Arachne.Core (>= 2.2.13)
      Arachne.Http (>= 2.2.13)
      Arachne.Uri (>= 2.2.13)
      FParsec (>= 1.0.1)
      FSharp.Core (>= 3.1.2.1)
    Arachne.Language (2.2.13)
      Arachne.Core (>= 2.2.13)
      FParsec (>= 1.0.1)
      FSharp.Core (>= 3.1.2.1)
    Arachne.Uri (2.2.13)
      Arachne.Core (>= 2.2.13)
      FParsec (>= 1.0.1)
      FSharp.Core (>= 3.1.2.1)
    Arachne.Uri.Template (2.2.13)
      Arachne.Core (>= 2.2.13)
      Arachne.Uri (>= 2.2.13)
      FParsec (>= 1.0.1)
      FSharp.Core (>= 3.1.2.1)
    Chiron (4.1.0)
      Aether (>= 6.0.0)
      FParsec (>= 1.0.1)
      FSharp.Core (>= 3.1.2.1)
    FAKE (4.0.1)
    FParsec (1.0.1)
    FSharp.Core (3.1.2.1)
    Hekate (1.0.0)
      Aether (>= 6.0.0)
      FSharp.Core (>= 3.1.2.1)
    Microsoft.Net.Http (2.0.20710.0)
    Microsoft.Owin (3.0.1)
      Owin (>= 1.0)
    Microsoft.Owin.Diagnostics (3.0.1)
      Microsoft.Owin (>= 3.0.1)
      Owin (>= 1.0)
    Microsoft.Owin.Host.HttpListener (3.0.1)
    Microsoft.Owin.Hosting (3.0.1)
      Microsoft.Owin (>= 3.0.1)
      Owin (>= 1.0)
    Microsoft.Owin.SelfHost (3.0.1)
      Microsoft.Owin (>= 3.0.1)
      Microsoft.Owin.Diagnostics (>= 3.0.1)
      Microsoft.Owin.Host.HttpListener (>= 3.0.1)
      Microsoft.Owin.Hosting (>= 3.0.1)
      Owin (>= 1.0)
    Microsoft.Owin.Testing (3.0.1)
      Microsoft.Owin.Hosting (>= 3.0.1)
      Owin (>= 1.0)
    NuGet.CommandLine (2.8.6)
    NUnit (2.6.4)
    NUnit.Runners (2.6.4)
    Owin (1.0)
    SourceLink.Fake (1.0.0)
    System.Net.Http (2.0.20710.0)
      Microsoft.Net.Http (>= 2.0.20710.0 < 2.1)
    Unquote (3.0.0)
