FRAMEWORK: >= NET45
NUGET
  remote: https://nuget.org/api/v2
  specs:
    Aether (8.0.0)
    Arachne (2.3.27)
      Arachne.Core (>= 2.3.27)
      Arachne.Http (>= 2.3.27)
      Arachne.Http.Cors (>= 2.3.27)
      Arachne.Http.State (>= 2.3.27)
      Arachne.Language (>= 2.3.27)
      Arachne.Uri (>= 2.3.27)
      Arachne.Uri.Template (>= 2.3.27)
    Arachne.Core (2.3.27)
      FParsec
    Arachne.Http (2.3.27)
      Arachne.Core (>= 2.3.27)
      Arachne.Language (>= 2.3.27)
      Arachne.Uri (>= 2.3.27)
      FParsec
    Arachne.Http.Cors (2.3.27)
      Arachne.Core (>= 2.3.27)
      Arachne.Http (>= 2.3.27)
      Arachne.Uri (>= 2.3.27)
      FParsec
    Arachne.Http.State (2.3.27)
      Arachne.Core (>= 2.3.27)
      Arachne.Http (>= 2.3.27)
      Arachne.Uri (>= 2.3.27)
      FParsec
    Arachne.Language (2.3.27)
      Arachne.Core (>= 2.3.27)
      FParsec
    Arachne.Uri (2.3.27)
      Arachne.Core (>= 2.3.27)
      FParsec
    Arachne.Uri.Template (2.3.27)
      Arachne.Core (>= 2.3.27)
      Arachne.Uri (>= 2.3.27)
      FParsec
    Chiron (6.0.0)
      Aether (>= 8.0.0 < 9.0.0)
      FParsec (>= 1.0.0 < 2.0.0)
    FParsec (1.0.2)
    Hekate (2.0.0)
      Aether (>= 8.0.0 < 9.0.0)

GROUP Build
FRAMEWORK: >= NET45
NUGET
  remote: https://nuget.org/api/v2
  specs:
    FAKE (4.9.1)
    SourceLink.Fake (1.1.0)

GROUP Test
FRAMEWORK: >= NET45
NUGET
  remote: https://nuget.org/api/v2
  specs:
    Microsoft.Owin (3.0.1)
      Owin (>= 1.0)
    Microsoft.Owin.Diagnostics (3.0.1)
      Microsoft.Owin (>= 3.0.1)
      Owin (>= 1.0)
    Microsoft.Owin.Host.HttpListener (3.0.1)
    Microsoft.Owin.Hosting (3.0.1)
      Microsoft.Owin (>= 3.0.1)
      Owin (>= 1.0)
    Microsoft.Owin.SelfHost (3.0.1)
      Microsoft.Owin (>= 3.0.1)
      Microsoft.Owin.Diagnostics (>= 3.0.1)
      Microsoft.Owin.Host.HttpListener (>= 3.0.1)
      Microsoft.Owin.Hosting (>= 3.0.1)
      Owin (>= 1.0)
    Microsoft.Owin.Testing (3.0.1)
      Microsoft.Owin.Hosting (>= 3.0.1)
      Owin (>= 1.0)
    NUnit (2.6.4)
    NUnit.Runners (2.6.4)
    Owin (1.0.0)
    Unquote (3.1.0)
