NUGET
  remote: http://nuget.org/api/v2
  specs:
    Aether (3.1.0)
    FParsec (1.0.1)
    Microsoft.Owin (3.0.0)
      Owin (>= 1.0)
    Microsoft.Owin.Diagnostics (3.0.0)
      Owin (>= 1.0)
      Microsoft.Owin (>= 3.0.0)
    Microsoft.Owin.Host.HttpListener (3.0.0)
    Microsoft.Owin.Hosting (3.0.0)
      Owin (>= 1.0)
      Microsoft.Owin (>= 3.0.0)
    Microsoft.Owin.SelfHost (3.0.0)
      Owin (>= 1.0)
      Microsoft.Owin (>= 3.0.0)
      Microsoft.Owin.Diagnostics (>= 3.0.0)
      Microsoft.Owin.Hosting (>= 3.0.0)
      Microsoft.Owin.Host.HttpListener (>= 3.0.0)
    NUnit (2.6.3)
    Owin (1.0)
    Unquote (2.2.2)
